GEM
  remote: http://rubygems.org/
  specs:
    abstract (1.0.0)
    actionmailer (3.0.5)
      actionpack (= 3.0.5)
      mail (~> 2.2.15)
    actionpack (3.0.5)
      activemodel (= 3.0.5)
      activesupport (= 3.0.5)
      builder (~> 2.1.2)
      erubis (~> 2.6.6)
      i18n (~> 0.4)
      rack (~> 1.2.1)
      rack-mount (~> 0.6.13)
      rack-test (~> 0.5.7)
      tzinfo (~> 0.3.23)
    activemodel (3.0.5)
      activesupport (= 3.0.5)
      builder (~> 2.1.2)
      i18n (~> 0.4)
    activerecord (3.0.5)
      activemodel (= 3.0.5)
      activesupport (= 3.0.5)
      arel (~> 2.0.2)
      tzinfo (~> 0.3.23)
    activeresource (3.0.5)
      activemodel (= 3.0.5)
      activesupport (= 3.0.5)
    activesupport (3.0.5)
    arel (2.0.10)
    authlogic (2.1.6)
      activesupport
    builder (2.1.2)
    erubis (2.6.6)
      abstract (>= 1.0.0)
    formtastic (1.2.3)
      actionpack (>= 2.3.7)
      activesupport (>= 2.3.7)
      i18n (~> 0.4)
    formtastic_datepicker_inputs (1.0.0)
      actionpack (>= 2.3.7)
      activesupport (>= 2.3.7)
      formtastic
      i18n (>= 0.4.0)
    i18n (0.6.0)
    mail (2.2.19)
      activesupport (>= 2.3.6)
      i18n (>= 0.4.0)
      mime-types (~> 1.16)
      treetop (~> 1.4.8)
    meta_search (1.0.3)
      actionpack (~> 3.0.2)
      activerecord (~> 3.0.2)
      activesupport (~> 3.0.2)
      arel (~> 2.0.2)
    mime-types (1.16)
    mysql2 (0.2.6)
    paperclip (2.3.8)
      activerecord
      activesupport
    polyglot (0.3.1)
    rack (1.2.3)
    rack-mount (0.6.14)
      rack (>= 1.0.0)
    rack-test (0.5.7)
      rack (>= 1.0)
    rails (3.0.5)
      actionmailer (= 3.0.5)
      actionpack (= 3.0.5)
      activerecord (= 3.0.5)
      activeresource (= 3.0.5)
      activesupport (= 3.0.5)
      bundler (~> 1.0)
      railties (= 3.0.5)
    rails3-jquery-autocomplete (0.6.2)
      rails (~> 3.0.0)
    railties (3.0.5)
      actionpack (= 3.0.5)
      activesupport (= 3.0.5)
      rake (>= 0.8.7)
      thor (~> 0.14.4)
    rake (0.9.2)
    remotipart (1.0)
    ruby-ole (1.2.11.1)
    spreadsheet (0.6.5.5)
      ruby-ole (>= 1.0)
    squeel (0.8.4)
      activerecord (~> 3.0)
      activesupport (~> 3.0)
    thor (0.14.6)
    to_xls (0.1.2)
      spreadsheet
    treetop (1.4.9)
      polyglot (>= 0.3.1)
    tzinfo (0.3.29)
    will_paginate (3.0.pre2)

PLATFORMS
  ruby

DEPENDENCIES
  authlogic (= 2.1.6)
  formtastic (= 1.2.3)
  formtastic_datepicker_inputs
  meta_search (= 1.0.3)
  mysql2 (= 0.2.6)
  paperclip (= 2.3.8)
  rails
  rails3-jquery-autocomplete (= 0.6.2)
  remotipart
  squeel (= 0.8.4)
  to_xls
  will_paginate (~> 3.0.pre2)
