GIT
  remote: git://github.com/kristianmandrup/formtastic_datepicker-rails3x.git
  revision: d66ab9db54bde442aa158467f550c2bae7961207
  specs:
    formtastic_datepicker-rails3x (1.0.0)
      actionpack (>= 3.0.10)
      activesupport (>= 3.0.10)
      formtastic (>= 2.0.0)
      i18n (>= 0.4.0)

GEM
  remote: http://rubygems.org/
  specs:
    abstract (1.0.0)
    actionmailer (3.0.10)
      actionpack (= 3.0.10)
      mail (~> 2.2.19)
    actionpack (3.0.10)
      activemodel (= 3.0.10)
      activesupport (= 3.0.10)
      builder (~> 2.1.2)
      erubis (~> 2.6.6)
      i18n (~> 0.5.0)
      rack (~> 1.2.1)
      rack-mount (~> 0.6.14)
      rack-test (~> 0.5.7)
      tzinfo (~> 0.3.23)
    activemodel (3.0.10)
      activesupport (= 3.0.10)
      builder (~> 2.1.2)
      i18n (~> 0.5.0)
    activerecord (3.0.10)
      activemodel (= 3.0.10)
      activesupport (= 3.0.10)
      arel (~> 2.0.10)
      tzinfo (~> 0.3.23)
    activeresource (3.0.10)
      activemodel (= 3.0.10)
      activesupport (= 3.0.10)
    activesupport (3.0.10)
    acts_as_indexed (0.7.5)
    arel (2.0.10)
    authlogic (3.0.3)
      activerecord (>= 3.0.7)
      activerecord (>= 3.0.7)
    awesome_nested_set (2.0.2)
      activerecord (>= 3.0.0)
    babosa (0.3.5)
    bcrypt-ruby (3.0.1)
    builder (2.1.2)
    cocaine (0.2.0)
    devise (1.4.8)
      bcrypt-ruby (~> 3.0)
      orm_adapter (~> 0.0.3)
      warden (~> 1.0.3)
    dragonfly (0.9.8)
      rack
    erubis (2.6.6)
      abstract (>= 1.0.0)
    formtastic (2.0.2)
      rails (~> 3.0)
    friendly_id_globalize3 (3.2.1.5)
      babosa (~> 0.3.0)
    globalize3 (0.1.0)
      activemodel (>= 3.0.0)
      activerecord (>= 3.0.0)
    i18n (0.5.0)
    json (1.6.1)
    mail (2.2.19)
      activesupport (>= 2.3.6)
      i18n (>= 0.4.0)
      mime-types (~> 1.16)
      treetop (~> 1.4.8)
    meta_search (1.0.6)
      actionpack (~> 3.0.2)
      activerecord (~> 3.0.2)
      activesupport (~> 3.0.2)
      arel (~> 2.0.2)
    mime-types (1.16)
    mysql2 (0.2.6)
    orm_adapter (0.0.5)
    paperclip (2.4.4)
      activerecord (>= 2.3.0)
      activesupport (>= 2.3.2)
      cocaine (>= 0.0.2)
      mime-types
    polyglot (0.3.2)
    rack (1.2.4)
    rack-cache (1.1)
      rack (>= 0.4)
    rack-mount (0.6.14)
      rack (>= 1.0.0)
    rack-test (0.5.7)
      rack (>= 1.0)
    rails (3.0.10)
      actionmailer (= 3.0.10)
      actionpack (= 3.0.10)
      activerecord (= 3.0.10)
      activeresource (= 3.0.10)
      activesupport (= 3.0.10)
      bundler (~> 1.0)
      railties (= 3.0.10)
    rails3-jquery-autocomplete (1.0.4)
      rails (~> 3.0)
    railties (3.0.10)
      actionpack (= 3.0.10)
      activesupport (= 3.0.10)
      rake (>= 0.8.7)
      rdoc (~> 3.4)
      thor (~> 0.14.4)
    rake (0.9.2)
    rdoc (3.10)
      json (~> 1.4)
    refinerycms (1.0.8)
      bundler (~> 1.0)
      refinerycms-authentication (= 1.0.8)
      refinerycms-base (= 1.0.8)
      refinerycms-core (= 1.0.8)
      refinerycms-dashboard (= 1.0.8)
      refinerycms-images (= 1.0.8)
      refinerycms-pages (= 1.0.8)
      refinerycms-resources (= 1.0.8)
      refinerycms-settings (= 1.0.8)
    refinerycms-authentication (1.0.8)
      activerecord (~> 3.0.10)
      devise (~> 1.4.3)
      friendly_id_globalize3 (~> 3.2.1)
      refinerycms-core (= 1.0.8)
    refinerycms-base (1.0.8)
    refinerycms-core (1.0.8)
      acts_as_indexed (~> 0.7)
      awesome_nested_set (~> 2.0)
      friendly_id_globalize3 (~> 3.2.1)
      globalize3 (~> 0.1)
      rails (~> 3.0.10)
      refinerycms-base (= 1.0.8)
      refinerycms-generators (~> 1.0)
      refinerycms-settings (= 1.0.8)
      truncate_html (~> 0.5)
      will_paginate (~> 3.0.0)
    refinerycms-dashboard (1.0.8)
      refinerycms-core (= 1.0.8)
    refinerycms-generators (1.0.4)
    refinerycms-i18n (1.0.0)
      refinerycms-core (>= 0.9.9.12)
      routing-filter (>= 0.2.3)
    refinerycms-images (1.0.8)
      activerecord (~> 3.0.10)
      dragonfly (~> 0.9.0)
      rack-cache (>= 0.5.3)
      refinerycms-core (= 1.0.8)
    refinerycms-pages (1.0.8)
      activerecord (~> 3.0.10)
      awesome_nested_set (~> 2.0)
      friendly_id_globalize3 (~> 3.2.1)
      globalize3 (~> 0.1)
      refinerycms-core (= 1.0.8)
      seo_meta (~> 1.1)
    refinerycms-resources (1.0.8)
      activerecord (~> 3.0.10)
      dragonfly (~> 0.9.0)
      rack-cache (>= 0.5.3)
      refinerycms-core (= 1.0.8)
    refinerycms-settings (1.0.8)
      activerecord (~> 3.0.10)
      refinerycms-base (= 1.0.8)
    remotipart (1.0)
    routing-filter (0.2.4)
      actionpack
    ruby-ole (1.2.11.2)
    seo_meta (1.1.1)
      refinerycms-generators (~> 1.0.1)
    spreadsheet (0.6.5.9)
      ruby-ole (>= 1.0)
    thor (0.14.6)
    to_xls (1.0.0)
      spreadsheet (> 0)
      spreadsheet
    treetop (1.4.10)
      polyglot
      polyglot (>= 0.3.1)
    truncate_html (0.5.1)
    tzinfo (0.3.30)
    warden (1.0.6)
      rack (>= 1.0)
    will_paginate (3.0.2)

PLATFORMS
  ruby

DEPENDENCIES
  authlogic
  formtastic
  formtastic_datepicker-rails3x!
  meta_search
  mysql2 (= 0.2.6)
  paperclip
  rails (= 3.0.10)
  rails3-jquery-autocomplete
  refinerycms (~> 1.0.8)
  refinerycms-i18n (~> 1.0.0)
  remotipart
  to_xls
  will_paginate
